PATH
  remote: .
  specs:
    sursrogate (0.0.1)
      bindable_block (= 0.0.4)

GEM
  remote: http://rubygems.org/
  specs:
    bindable_block (0.0.4)
    diff-lcs (1.1.3)
    rake (0.8.7)
    rspec (2.10.0)
      rspec-core (~> 2.10.0)
      rspec-expectations (~> 2.10.0)
      rspec-mocks (~> 2.10.0)
    rspec-core (2.10.1)
    rspec-expectations (2.10.0)
      diff-lcs (~> 1.1.3)
    rspec-mocks (2.10.1)

PLATFORMS
  ruby

DEPENDENCIES
  rake (= 0.8.7)
  rspec
  sursrogate!
